NUGET
  remote: http://www.nuget.org/api/v2
    Gu.Units (0.10)
    Gu.Units.Wpf (0.10)
      Gu.Units (>= 0.10)
    Gu.Wpf.NumericInput (0.5.1)
    Gu.Wpf.ValidationScope (0.1.5.2)

GROUP Analyzers
FRAMEWORK: >= NET45
NUGET
  remote: http://www.nuget.org/api/v2
    JetBrains.Annotations (10.1.5)
    StyleCop.Analyzers (1.0)
    WpfAnalyzers (0.1.6.3-dev)

GROUP Demo
FRAMEWORK: >= NET45
NUGET
  remote: http://www.nuget.org/api/v2
    Gu.State (0.2.0.3)

GROUP Test
FRAMEWORK: >= NET45
NUGET
  remote: http://www.nuget.org/api/v2
    Castle.Core (3.3.3)
    Moq (4.5.22)
      Castle.Core (>= 3.3.3)
    NUnit (3.4.1)
    TestStack.White (0.13.3)
      Castle.Core (>= 3.3)
