NUGET
  remote: http://www.nuget.org/api/v2
    Gu.Units (0.10.6) - restriction: >= net45
    Gu.Units.Wpf (0.10.6)
      Gu.Units (0.10.6) - restriction: >= net45
    Gu.Wpf.NumericInput (0.5.3)
    Gu.Wpf.ValidationScope (0.1.5.2)

GROUP Analyzers
RESTRICTION: >= net45
NUGET
  remote: http://www.nuget.org/api/v2
    Gu.Analyzers (1.1.0-dev)
    JetBrains.Annotations (11.1)
    StyleCop.Analyzers (1.0.2)
    WpfAnalyzers (0.3.2.1)

GROUP Demo
RESTRICTION: >= net45
NUGET
  remote: http://www.nuget.org/api/v2
    Gu.State (0.2.1.1)

GROUP Test
RESTRICTION: >= net45
NUGET
  remote: http://www.nuget.org/api/v2
    Castle.Core (4.2.1)
    Gu.Wpf.UiAutomation (0.1.17)
    Moq (4.7.145)
      Castle.Core (>= 4.2.1)
    NUnit (3.9)
