NUGET
  remote: http://www.nuget.org/api/v2
    Gu.Units (0.10.6.1) - restriction: >= net45
    Gu.Units.Wpf (0.10.6.1)
      Gu.Units (0.10.6.1) - restriction: >= net45
    Gu.Wpf.NumericInput (0.5.3)
    Gu.Wpf.ValidationScope (0.1.5.2)

GROUP Analyzers
NUGET
  remote: http://www.nuget.org/api/v2
    AsyncUsageAnalyzers (1.0.0-alpha003)
    Gu.Analyzers (1.1.0-dev)
    IDisposableAnalyzers (0.1.4.2-dev)
    JetBrains.Annotations (11.1)
      System.Runtime (>= 4.1) - restriction: && (< net10) (>= netstandard1.0)
    Microsoft.NETCore.Platforms (2.0.1) - restriction: || (&& (< monoandroid) (< net10) (>= netstandard1.0) (< netstandard1.2) (< win8) (< wp8)) (&& (< monoandroid) (< net10) (>= netstandard1.2) (< netstandard1.3) (< win8) (< wpa81)) (&& (< monoandroid) (< net10) (>= netstandard1.3) (< netstandard1.5) (< win8) (< wpa81)) (&& (< monotouch) (< net10) (>= netstandard1.5) (< xamarinios) (< xamarinmac) (< xamarintvos) (< xamarinwatchos)) (&& (< net10) (>= netstandard1.0) (< portable-net45+win8+wp8+wpa81))
    Microsoft.NETCore.Targets (2.0) - restriction: || (&& (< monoandroid) (< net10) (>= netstandard1.0) (< netstandard1.2) (< win8) (< wp8)) (&& (< monoandroid) (< net10) (>= netstandard1.2) (< netstandard1.3) (< win8) (< wpa81)) (&& (< monoandroid) (< net10) (>= netstandard1.3) (< netstandard1.5) (< win8) (< wpa81)) (&& (< monotouch) (< net10) (>= netstandard1.5) (< xamarinios) (< xamarinmac) (< xamarintvos) (< xamarinwatchos)) (&& (< net10) (>= netstandard1.0) (< portable-net45+win8+wp8+wpa81))
    PropertyChangedAnalyzers (2.5.1)
    StyleCop.Analyzers (1.0.2)
    System.Runtime (4.3) - restriction: && (< net10) (>= netstandard1.0)
      Microsoft.NETCore.Platforms (>= 1.1) - restriction: || (&& (< monoandroid) (< net45) (>= netstandard1.0) (< netstandard1.2) (< win8) (< wp8)) (&& (< monoandroid) (< net45) (>= netstandard1.2) (< netstandard1.3) (< win8) (< wpa81)) (&& (< monoandroid) (< net45) (>= netstandard1.3) (< netstandard1.5) (< win8) (< wpa81)) (&& (< monotouch) (< net45) (>= netstandard1.5) (< xamarinios) (< xamarinmac) (< xamarintvos) (< xamarinwatchos)) (< portable-net45+win8+wp8+wpa81)
      Microsoft.NETCore.Targets (>= 1.1) - restriction: || (&& (< monoandroid) (< net45) (>= netstandard1.0) (< netstandard1.2) (< win8) (< wp8)) (&& (< monoandroid) (< net45) (>= netstandard1.2) (< netstandard1.3) (< win8) (< wpa81)) (&& (< monoandroid) (< net45) (>= netstandard1.3) (< netstandard1.5) (< win8) (< wpa81)) (&& (< monotouch) (< net45) (>= netstandard1.5) (< xamarinios) (< xamarinmac) (< xamarintvos) (< xamarinwatchos)) (< portable-net45+win8+wp8+wpa81)
    WpfAnalyzers (2.1.2)

GROUP Demo
RESTRICTION: >= net45
NUGET
  remote: http://www.nuget.org/api/v2
    Gu.State (0.2.1.1)

GROUP Test
RESTRICTION: >= net45
NUGET
  remote: http://www.nuget.org/api/v2
    Castle.Core (4.2.1)
    Gu.Wpf.UiAutomation (0.2.1.1)
    Moq (4.8)
      Castle.Core (>= 4.2.1)
      System.Threading.Tasks.Extensions (>= 4.4)
    NUnit (3.9)
    System.Collections (4.3) - restriction: && (>= net45) (< netstandard2.0)
    System.Runtime (4.3) - restriction: && (>= net45) (< netstandard2.0)
    System.Threading.Tasks (4.3) - restriction: && (>= net45) (< netstandard2.0)
    System.Threading.Tasks.Extensions (4.4)
      System.Collections (>= 4.3) - restriction: && (>= net45) (< netstandard2.0)
      System.Runtime (>= 4.3) - restriction: && (>= net45) (< netstandard2.0)
      System.Threading.Tasks (>= 4.3) - restriction: && (>= net45) (< netstandard2.0)
