NUGET
  remote: http://www.nuget.org/api/v2
    Castle.Core (3.3.3) - framework: >= net45
    Gu.ChangeTracking (1.1)
    Gu.Units (0.9)
    Gu.Units.Wpf (0.9)
      Gu.Units (>= 0.9)
    Gu.Wpf.NumericInput (0.4.8)
    Gu.Wpf.ValidationScope (0.1.4.2)
    JetBrains.Annotations (10.1.4)
      System.Runtime (>= 4.0) - framework: dnxcore50
    Moq (4.5.10)
      Castle.Core (>= 3.3.3) - framework: >= net45
    NUnit (3.2.1)
    StyleCop.Analyzers (1.0)
    System.Private.Uri (4.0) - framework: dnxcore50
    System.Runtime (4.0.20) - framework: dnxcore50
      System.Private.Uri (>= 4.0) - framework: dnxcore50
