NUGET
  remote: http://www.nuget.org/api/v2
    Gu.Units (0.10.5)
    Gu.Units.Wpf (0.10.5)
      Gu.Units (>= 0.10.5)
    Gu.Wpf.NumericInput (0.5.2)
    Gu.Wpf.ValidationScope (0.1.5.2)

GROUP Analyzers
RESTRICTION: >= net45
NUGET
  remote: http://www.nuget.org/api/v2
    JetBrains.Annotations (11.0)
    StyleCop.Analyzers (1.0.2)
    WpfAnalyzers (0.2.7.10)

GROUP Demo
RESTRICTION: >= net45
NUGET
  remote: http://www.nuget.org/api/v2
    Gu.State (0.2.0.3)

GROUP Test
RESTRICTION: >= net45
NUGET
  remote: http://www.nuget.org/api/v2
    Castle.Core (4.1.1)
    Gu.Wpf.UiAutomation (0.1.10-dev)
    Moq (4.7.99)
      Castle.Core (>= 4.1.1)
    NUnit (3.8.1)
